GIT
  remote: https://gitlab.com/kris.leech/ma.git
  revision: b516b5e05a5875f11b821ea36993d7f500c8538b
  branch: main
  specs:
    ma (0.1.0)
      wisper_next

PATH
  remote: .
  specs:
    red_sands (0.1.0)
      zeitwerk (~> 2.6.7)

GEM
  remote: https://rubygems.org/
  specs:
    activesupport (7.0.4.2)
      concurrent-ruby (~> 1.0, >= 1.0.2)
      i18n (>= 1.6, < 2)
      minitest (>= 5.1)
      tzinfo (~> 2.0)
    byebug (11.1.3)
    coderay (1.1.3)
    concurrent-ruby (1.2.0)
    cucumber-gherkin (26.0.3)
      cucumber-messages (>= 19.1.4, < 22.0)
    cucumber-messages (21.0.1)
    cuke_modeler (3.19.0)
      cucumber-gherkin (< 27.0)
    diff-lcs (1.5.0)
    factory_bot (6.2.1)
      activesupport (>= 5.0.0)
    faker (3.1.1)
      i18n (>= 1.8.11, < 2)
    i18n (1.12.0)
      concurrent-ruby (~> 1.0)
    method_source (1.0.0)
    minitest (5.17.0)
    pry (0.14.2)
      coderay (~> 1.1)
      method_source (~> 1.0)
    pry-byebug (3.10.1)
      byebug (~> 11.0)
      pry (>= 0.13, < 0.15)
    rspec (3.12.0)
      rspec-core (~> 3.12.0)
      rspec-expectations (~> 3.12.0)
      rspec-mocks (~> 3.12.0)
    rspec-collection_matchers (1.2.0)
      rspec-expectations (>= 2.99.0.beta1)
    rspec-core (3.12.1)
      rspec-support (~> 3.12.0)
    rspec-expectations (3.12.2)
      diff-lcs (>= 1.2.0, < 2.0)
      rspec-support (~> 3.12.0)
    rspec-its (1.3.0)
      rspec-core (>= 3.0.0)
      rspec-expectations (>= 3.0.0)
    rspec-mocks (3.12.3)
      diff-lcs (>= 1.2.0, < 2.0)
      rspec-support (~> 3.12.0)
    rspec-support (3.12.0)
    turnip (4.4.0)
      cuke_modeler (~> 3.15)
      rspec (>= 3.0, < 4.0)
    tzinfo (2.0.6)
      concurrent-ruby (~> 1.0)
    wisper-rspec (1.1.0)
    wisper_next (0.1.0)
    zeitwerk (2.6.7)

PLATFORMS
  x86_64-darwin-22

DEPENDENCIES
  bundler (~> 2.4.6)
  factory_bot (~> 6.2.1)
  faker (~> 3.1.1)
  ma (~> 0.1.0)!
  pry-byebug (~> 3.10.1)
  red_sands!
  rspec (~> 3.12.0)
  rspec-collection_matchers
  rspec-its
  turnip (~> 4.4.0)
  wisper-rspec

RUBY VERSION
   ruby 3.2.1p31

BUNDLED WITH
   2.4.6
