GEM
  remote: https://rubygems.org/
  specs:
    cucumber-gherkin (26.0.3)
      cucumber-messages (>= 19.1.4, < 22.0)
    cucumber-messages (21.0.1)
    cuke_modeler (3.19.0)
      cucumber-gherkin (< 27.0)
    diff-lcs (1.5.0)
    rspec (3.12.0)
      rspec-core (~> 3.12.0)
      rspec-expectations (~> 3.12.0)
      rspec-mocks (~> 3.12.0)
    rspec-core (3.12.1)
      rspec-support (~> 3.12.0)
    rspec-expectations (3.12.2)
      diff-lcs (>= 1.2.0, < 2.0)
      rspec-support (~> 3.12.0)
    rspec-mocks (3.12.3)
      diff-lcs (>= 1.2.0, < 2.0)
      rspec-support (~> 3.12.0)
    rspec-support (3.12.0)
    turnip (4.4.0)
      cuke_modeler (~> 3.15)
      rspec (>= 3.0, < 4.0)

PLATFORMS
  x86_64-darwin-22

DEPENDENCIES
  rspec
  turnip

RUBY VERSION
   ruby 3.2.1p31

BUNDLED WITH
   2.4.6
